GEM
  remote: http://rubygems.org/
  specs:
    bson (1.1)
    bson_ext (1.1)
    haml (3.0.21)
    mongo (1.1)
      bson (>= 1.0.5)
    rack (1.2.1)
    sinatra (1.0)
      rack (>= 1.0)

PLATFORMS
  ruby

DEPENDENCIES
  bson_ext (= 1.1)
  haml (= 3.0.21)
  mongo (= 1.1)
  sinatra (= 1.0)
